GEM
  remote: http://rubygems.org/
  specs:
    activemodel (3.2.11)
      activesupport (= 3.2.11)
      builder (~> 3.0.0)
    activesupport (3.2.11)
      i18n (~> 0.6)
      multi_json (~> 1.0)
    amq-client (0.8.7)
      amq-protocol (>= 0.8.4)
      eventmachine
    amq-protocol (0.8.4)
    amqp (0.8.4)
      amq-client (~> 0.8.7)
      amq-protocol (~> 0.8.4)
      eventmachine
    builder (3.0.4)
    capistrano (2.14.1)
      highline
      net-scp (>= 1.0.0)
      net-sftp (>= 2.0.0)
      net-ssh (>= 2.0.14)
      net-ssh-gateway (>= 1.1.0)
    capistrano-ext (1.2.1)
      capistrano (>= 1.0.0)
    capistrano_colors (0.5.5)
    daemons (1.1.9)
    diff-lcs (1.1.3)
    eventmachine (1.0.0)
    highline (1.6.15)
    i18n (0.6.1)
    macaddr (1.6.1)
      systemu (~> 2.5.0)
    mongoid (3.0.19)
      activemodel (~> 3.1)
      moped (~> 1.2)
      origin (~> 1.0)
      tzinfo (~> 0.3.22)
    moped (1.3.2)
    multi_json (1.5.0)
    net-scp (1.0.4)
      net-ssh (>= 1.99.1)
    net-sftp (2.0.5)
      net-ssh (>= 2.0.9)
    net-ssh (2.5.2)
    net-ssh-gateway (1.1.0)
      net-ssh (>= 1.99.1)
    origin (1.0.11)
    railsless-deploy (1.0.2)
    rake (10.0.3)
    right_aws (2.1.0)
      right_http_connection (>= 1.2.5)
    right_http_connection (1.3.0)
    rspec (2.10.0)
      rspec-core (~> 2.10.0)
      rspec-expectations (~> 2.10.0)
      rspec-mocks (~> 2.10.0)
    rspec-core (2.10.1)
    rspec-expectations (2.10.0)
      diff-lcs (~> 1.1.3)
    rspec-mocks (2.10.1)
    selectable_attr (0.3.17)
      i18n
    simplecov (0.7.1)
      multi_json (~> 1.0)
      simplecov-html (~> 0.7.1)
    simplecov-html (0.7.1)
    systemu (2.5.2)
    tengine_core (1.1.0)
      activemodel (>= 3.1.0)
      activesupport (>= 3.1.0)
      daemons (~> 1.1.4)
      mongoid (~> 3.0.0)
      selectable_attr (~> 0.3.15)
      tengine_event (~> 1.1.0)
      tengine_support (~> 1.1.0)
    tengine_event (1.1.0)
      activesupport (>= 3.0.0)
      amqp (~> 0.8.0)
      tengine_support (~> 1.1.0)
      uuid (~> 2.3.4)
    tengine_job (1.1.0)
      tengine_core (~> 1.1.0)
      tengine_resource (~> 1.1.0)
      tengine_support (~> 1.1.0)
    tengine_resource (1.1.0)
      net-ssh (~> 2.5.2)
      tengine_core (~> 1.1.0)
      tengine_support (~> 1.1.0)
    tengine_resource_ec2 (1.1.0)
      right_aws (~> 2.1.0)
      tengine_resource (~> 1.1.0)
    tengine_support (1.1.0)
      activesupport (>= 3.0.0)
    tzinfo (0.3.35)
    uuid (2.3.6)
      macaddr (~> 1.0)
    yard (0.8.3)

PLATFORMS
  ruby

DEPENDENCIES
  bundler
  capistrano
  capistrano-ext
  capistrano_colors
  railsless-deploy
  rake
  rspec (~> 2.10.0)
  simplecov
  tengine_core (~> 1.1.0)
  tengine_event (~> 1.1.0)
  tengine_job (~> 1.1.0)
  tengine_resource (~> 1.1.0)
  tengine_resource_ec2 (~> 1.1.0)
  tengine_support (~> 1.1.0)
  yard
