GEM
  remote: http://rubygems.org/
  specs:
    activemodel (3.1.4)
      activesupport (= 3.1.4)
      builder (~> 3.0.0)
      i18n (~> 0.6)
    activesupport (3.1.4)
      multi_json (~> 1.0)
    amq-client (0.8.7)
      amq-protocol (>= 0.8.4)
      eventmachine
    amq-protocol (0.8.4)
    amqp (0.8.4)
      amq-client (~> 0.8.7)
      amq-protocol (~> 0.8.4)
      eventmachine
    bson (1.5.2)
    bson_ext (1.5.2)
      bson (= 1.5.2)
    builder (3.0.0)
    capistrano (2.9.0)
      highline
      net-scp (>= 1.0.0)
      net-sftp (>= 2.0.0)
      net-ssh (>= 2.0.14)
      net-ssh-gateway (>= 1.1.0)
    capistrano-ext (1.2.1)
      capistrano (>= 1.0.0)
    capistrano_colors (0.5.5)
    daemons (1.1.8)
    diff-lcs (1.1.3)
    eventmachine (0.12.10)
    git (1.2.5)
    highline (1.6.12)
    i18n (0.6.0)
    jeweler (1.8.3)
      bundler (~> 1.0)
      git (>= 1.2.5)
      rake
      rdoc
    json (1.7.3)
    macaddr (1.6.0)
      systemu (~> 2.2.0)
    mongo (1.5.2)
      bson (= 1.5.2)
    mongoid (2.3.5)
      activemodel (~> 3.1.0)
      mongo (~> 1.3)
      tzinfo (~> 0.3.22)
    multi_json (1.0.4)
    net-scp (1.0.4)
      net-ssh (>= 1.99.1)
    net-sftp (2.0.5)
      net-ssh (>= 2.0.9)
    net-ssh (2.2.2)
    net-ssh-gateway (1.1.0)
      net-ssh (>= 1.99.1)
    railsless-deploy (1.0.2)
    rake (0.9.2.2)
    rdoc (3.12)
      json (~> 1.4)
    right_aws (2.1.0)
      right_http_connection (>= 1.2.5)
    right_http_connection (1.3.0)
    rspec (2.8.0)
      rspec-core (~> 2.8.0)
      rspec-expectations (~> 2.8.0)
      rspec-mocks (~> 2.8.0)
    rspec-core (2.8.0)
    rspec-expectations (2.8.0)
      diff-lcs (~> 1.1.2)
    rspec-mocks (2.8.0)
    selectable_attr (0.3.17)
      i18n
    simplecov (0.5.4)
      multi_json (~> 1.0.3)
      simplecov-html (~> 0.5.3)
    simplecov-html (0.5.3)
    systemu (2.2.0)
    tengine_core (0.5.39)
      activemodel (~> 3.1.0)
      activesupport (~> 3.1.0)
      bson (~> 1.5.2)
      bson_ext (~> 1.5.2)
      daemons (~> 1.1.4)
      mongo (~> 1.5.2)
      mongoid (~> 2.3.3)
      selectable_attr (~> 0.3.15)
      tengine_event (~> 0.4.9)
      tengine_support (~> 0.3.27)
    tengine_event (0.4.9)
      activesupport (>= 3.0.0)
      amqp (~> 0.8.0)
      tengine_support (>= 0.3.27)
      uuid (~> 2.3.4)
    tengine_job (0.6.13)
      tengine_core (~> 0.5.39)
      tengine_resource (~> 0.5.15)
      tengine_support (~> 0.3.27)
    tengine_resource (0.5.15)
      net-ssh (~> 2.2.1)
      right_aws (~> 2.1.0)
      tengine_core (~> 0.5.39)
      tengine_support (~> 0.3.27)
      wakame-adapters-tengine (~> 0.0.0)
    tengine_support (0.3.27)
      activesupport (>= 3.0.0)
    tzinfo (0.3.33)
    uuid (2.3.5)
      macaddr (~> 1.0)
    wakame-adapters-tengine (0.0.1)
      json
      right_aws (= 2.1.0)
      rspec
    yard (0.7.5)

PLATFORMS
  ruby

DEPENDENCIES
  bundler (~> 1.0)
  capistrano (~> 2.9.0)
  capistrano-ext (~> 1.2.0)
  capistrano_colors (~> 0.5.0)
  jeweler (~> 1.8.3)
  railsless-deploy (~> 1.0.0)
  rdoc (~> 3.12.0)
  rspec (~> 2.8.0)
  simplecov (~> 0.5.0)
  tengine_core
  tengine_event
  tengine_job
  tengine_resource
  tengine_support
  yard (~> 0.7.0)
